GEM
  remote: https://rubygems.org/
  specs:
    ansi (1.5.0)
    builder (3.2.4)
    concurrent-ruby (1.1.10)
    minitest (5.15.0)
    minitest-parallel_fork (1.2.0)
    minitest-reporters (1.5.0)
      ansi
      builder
      minitest (>= 5.0)
      ruby-progressbar
    rake (13.0.6)
    ruby-progressbar (1.11.0)
    stackprof (0.2.21)

PLATFORMS
  arm64-darwin-20
  arm64-darwin-21
  x86_64-linux

DEPENDENCIES
  concurrent-ruby
  minitest
  minitest-parallel_fork
  minitest-reporters
  rake
  stackprof

BUNDLED WITH
   2.2.33
